GEM
  remote: http://rubygems.org/
  specs:
    GData (0.0.4)
      builder (>= 2.1.2)
      hoe (>= 1.2.1)
    builder (3.0.0)
    git (1.2.5)
    hoe (2.12.3)
      rake (~> 0.8)
    jeweler (1.6.4)
      bundler (~> 1.0)
      git (>= 1.2.5)
      rake
    rake (0.9.2)
    rcov (0.9.10)
    shoulda (2.11.3)

PLATFORMS
  ruby

DEPENDENCIES
  GData (~> 0.0.4)
  bundler (~> 1.0.0)
  jeweler (~> 1.6.4)
  rcov
  shoulda
